PATH
  remote: ../
  specs:
    omniauth-google (0.1.0)
      google-api-client (~> 0.3.0)

PATH
  remote: ../../google-api-ruby-client
  specs:
    google-api-client (0.3.0)
      addressable (~> 2.2.2)
      autoparse (~> 0.3.0)
      extlib (>= 0.9.15)
      httpadapter (~> 1.0.0)
      json (>= 1.4.6)
      launchy (>= 0.3.2)
      signet (~> 0.2.2)

PATH
  remote: ../../signet
  specs:
    signet (0.2.3)
      addressable (~> 2.2.1)
      httpadapter (~> 1.0.0)
      json (>= 1.4.6)
      jwt (>= 0.1.4)

GEM
  remote: http://rubygems.org/
  specs:
    addressable (2.2.7)
    autoparse (0.3.0)
      addressable (~> 2.2.2)
      extlib (>= 0.9.15)
      json (>= 1.4.6)
    extlib (0.9.15)
    hashie (1.2.0)
    httpadapter (1.0.0)
      addressable (~> 2.2.0)
    json (1.6.1)
    jwt (0.1.4)
      json (>= 1.2.4)
    launchy (2.0.5)
      addressable (~> 2.2.6)
    multi_json (1.0.3)
    omniauth (1.0.0)
      hashie (~> 1.2)
      rack
    rack (1.3.5)
    rack-protection (1.1.4)
      rack
    sinatra (1.3.1)
      rack (~> 1.3, >= 1.3.4)
      rack-protection (~> 1.1, >= 1.1.2)
      tilt (~> 1.3, >= 1.3.3)
    tilt (1.3.3)

PLATFORMS
  ruby

DEPENDENCIES
  autoparse
  google-api-client!
  jwt
  multi_json
  omniauth
  omniauth-google!
  signet!
  sinatra
